GEM
  remote: https://rubygems.org/
  specs:
    adsf (1.1.1)
      rack (>= 1.0.0)
    bourbon (3.0.1)
      sass (>= 3.2.0)
      thor
    coffee-script (2.2.0)
      coffee-script-source
      execjs
    coffee-script-source (1.4.0)
    colored (1.2)
    concurrent-ruby (1.1.4)
    cri (2.3.0)
      colored (>= 1.2)
    execjs (1.4.0)
      multi_json (~> 1.0)
    fssm (0.2.9)
    haml (3.1.7)
    mime-types (1.19)
    multi_json (1.13.1)
    nanoc (3.4.3)
      cri (~> 2.2)
    rack (1.6.11)
    rack-rewrite (1.3.3)
    rdiscount (1.6.8)
    sass (3.2.5)
    sprockets (3.7.2)
      concurrent-ruby (~> 1.0)
      rack (> 1, < 3)
    systemu (2.5.2)
    thor (0.16.0)
    uglifier (1.3.0)
      execjs (>= 0.3.0)
      multi_json (~> 1.0, >= 1.0.2)

PLATFORMS
  ruby

DEPENDENCIES
  adsf
  bourbon
  coffee-script
  fssm
  haml
  mime-types
  nanoc
  rack (~> 1.6)
  rack-rewrite
  rdiscount
  sass
  sprockets (>= 2.12.5)
  systemu
  uglifier

BUNDLED WITH
   2.0.1
